GEM
  remote: http://rubygems.org/
  specs:
    blankslate (3.1.3)
    parslet (1.6.2)
      blankslate (>= 2.0, <= 4.0)

PLATFORMS
  ruby

DEPENDENCIES
  parslet (~> 1.6.0)
